GEM
  remote: http://rubygems.org/
  specs:
    albacore (1.0.0)
      nokogiri (~> 1.5)
      rake (~> 10.0)
      rubyzip (~> 1.0)
    mini_portile2 (2.1.0)
    nokogiri (1.7.1-x64-mingw32)
      mini_portile2 (~> 2.1.0)
    nokogiri (1.7.1-x86-mingw32)
      mini_portile2 (~> 2.1.0)
    rake (10.5.0)
    rubyzip (1.2.1)

PLATFORMS
  x64-mingw32
  x86-mingw32

DEPENDENCIES
  albacore (~> 1.0)
  nokogiri
  rake (~> 10.0)

BUNDLED WITH
   1.14.6
